PATH
  remote: .
  specs:
    capistrano3_templates (0.0.1)

GEM
  remote: http://ruby.taobao.org/
  specs:
    diff-lcs (1.2.5)
    json (1.8.1)
    rake (10.3.2)
    rdoc (4.1.1)
      json (~> 1.4)
    rspec (2.99.0)
      rspec-core (~> 2.99.0)
      rspec-expectations (~> 2.99.0)
      rspec-mocks (~> 2.99.0)
    rspec-core (2.99.0)
    rspec-expectations (2.99.0)
      diff-lcs (>= 1.1.3, < 2.0)
    rspec-mocks (2.99.1)

PLATFORMS
  ruby

DEPENDENCIES
  bundler (~> 1.6)
  capistrano3_templates!
  rake
  rdoc
  rspec
