PATH
  remote: .
  specs:
    capistrano3_templates (0.0.1)

GEM
  remote: http://ruby.taobao.org/
  specs:
    json (1.8.1)
    rake (10.3.2)
    rdoc (4.1.1)
      json (~> 1.4)

PLATFORMS
  ruby

DEPENDENCIES
  bundler (~> 1.6)
  capistrano3_templates!
  rake
  rdoc
